GEM
  specs:
    CFPropertyList (2.3.6)
    amq-protocol (2.3.0)
    bunny (2.13.0)
      amq-protocol (~> 2.3, >= 2.3.0)
    facter (2.5.1-universal-darwin)
      CFPropertyList (~> 2.2)
    json (2.1.0)
    norminette (1.0.0.alpha)
      bunny
      facter
      json

PLATFORMS
  ruby

DEPENDENCIES
  norminette (~> 1.0.0.alpha)

BUNDLED WITH
   1.17.2
